PATH
  remote: ruboty-discovery_etcd_io
  specs:
    ruboty-discovery_etcd_io (0.0.0)
      discovery_etcd_io_client
      ruboty

GEM
  remote: https://rubygems.org/
  specs:
    activesupport (4.1.8)
      i18n (~> 0.6, >= 0.6.9)
      json (~> 1.7, >= 1.7.7)
      minitest (~> 5.1)
      thread_safe (~> 0.1)
      tzinfo (~> 1.1)
    addressable (2.3.6)
    chrono (0.0.4)
      activesupport
    discovery_etcd_io_client (0.0.0)
      etcd (~> 0.2)
    docomoru (0.1.0)
      activesupport
      faraday
      faraday_middleware
      json
      rack
      slop
    dotenv (1.0.2)
    etcd (0.2.4)
      mixlib-log
    faraday (0.9.0)
      multipart-post (>= 1.2, < 3)
    faraday_middleware (0.9.1)
      faraday (>= 0.7.4, < 0.10)
    i18n (0.6.11)
    json (1.8.1)
    mem (0.1.5)
    minitest (5.5.0)
    mixlib-log (1.6.0)
    multipart-post (2.0.0)
    octokit (3.7.0)
      sawyer (~> 0.6.0, >= 0.5.3)
    rack (1.5.2)
    rake (10.3.2)
    ruboty (1.1.2)
      activesupport
      bundler
      dotenv
      mem
      slop
    ruboty-alias (0.0.6)
      ruboty (>= 1.1.1)
    ruboty-cron (0.0.9)
      activesupport
      chrono
      ruboty (>= 0.2.0)
    ruboty-echo (0.0.1)
      ruboty
    ruboty-github (0.1.1)
      activesupport
      octokit
      ruboty
    ruboty-google_image (0.0.7)
      faraday
      faraday_middleware
      ruboty
    ruboty-lgtm (0.0.3)
      faraday
      faraday_middleware
      ruboty
    ruboty-mpush (0.0.0)
      ruboty
    ruboty-ruby_eval (0.0.0)
      ruboty
    ruboty-talk (0.0.4)
      docomoru (>= 0.0.3)
      ruboty (>= 1.1.0)
    sawyer (0.6.0)
      addressable (~> 2.3.5)
      faraday (~> 0.8, < 0.10)
    slop (3.6.0)
    thread_safe (0.3.4)
    tzinfo (1.2.2)
      thread_safe (~> 0.1)

PLATFORMS
  ruby

DEPENDENCIES
  rake
  ruboty-alias
  ruboty-cron
  ruboty-discovery_etcd_io!
  ruboty-echo
  ruboty-github
  ruboty-google_image
  ruboty-lgtm
  ruboty-mpush
  ruboty-ruby_eval
  ruboty-talk
